GIT
  remote: https://github.com/grosser/gettext_i18n_rails.git
  revision: 0777c698ea218760ddf4ba51895900cc6a23b2b6
  specs:
    gettext_i18n_rails (1.8.0)
      fast_gettext (>= 0.9.0)

GIT
  remote: https://github.com/zena/property.git
  revision: 1b6b94748b68c0888c2d527a2bd2a53beb0d9721
  branch: 2.2.1-with-ar2.3.18
  specs:
    property (2.3.4)
      activerecord (~> 2.3)

GIT
  remote: https://github.com/zena/querybuilder.git
  revision: e24ae5531e5c1ef124fa06689483e3a39dec82e1
  branch: 2.2.1
  specs:
    querybuilder (1.2.3)
      rubyless (>= 0.7.0)

GIT
  remote: https://github.com/zena/rubyless.git
  revision: e52f307835d022013612cc7de00bbe320fba193d
  branch: 2.2.1
  specs:
    rubyless (0.9.0)
      ruby_parser (~> 2.3.1)
      sexp_processor (>= 3.0.1)

GIT
  remote: https://github.com/zena/versions.git
  revision: e9e49de2019f8089d9a8d74fd9534d0fd89f9ea6
  branch: 2.2.1
  specs:
    versions (0.3.1)
      activerecord

GIT
  remote: https://github.com/zena/yamltest.git
  revision: 5b1e20406376634ac4f8c38d7df42e9f45fd3da7
  branch: 2.2.1
  specs:
    yamltest (0.9.0)

GEM
  remote: https://rubygems.org/
  specs:
    RedCloth (3.0.4)
    actionmailer (2.3.18)
      actionpack (= 2.3.18)
    actionpack (2.3.18)
      activesupport (= 2.3.18)
      rack (~> 1.1.0)
    activerecord (2.3.18)
      activesupport (= 2.3.18)
    activeresource (2.3.18)
      activesupport (= 2.3.18)
    activesupport (2.3.18)
    addressable (2.3.8)
    authlogic (2.1.11)
      activerecord (~> 2.3.0)
      activesupport (~> 2.3.0)
    crack (0.1.8)
    daemons (1.2.3)
    diff-lcs (1.2.5)
    differ (0.1.2)
    fast_gettext (1.3.0)
    fast_xs (0.8.0)
    gem_plugin (0.2.3)
    gettext (3.2.2)
      locale (>= 2.0.5)
      text (>= 1.3.0)
    hoe (3.15.2)
      rake (>= 0.8, < 12.0)
    hpricot (0.8.6)
    httmultiparty (0.3.8)
      httparty (>= 0.7.3)
      multipart-post
    httparty (0.7.8)
      crack (= 0.1.8)
    i18n (0.7.0)
    iconv (1.0.4)
    launchy (2.4.3)
      addressable (~> 2.3)
    locale (2.1.2)
    minitest (1.7.2)
    multipart-post (2.0.0)
    mysql (2.9.1)
    open4 (1.3.4)
    power_assert (0.3.1)
    public_suffix (1.3.3)
    rack (1.1.6)
    rails (2.3.18)
      actionmailer (= 2.3.18)
      actionpack (= 2.3.18)
      activerecord (= 2.3.18)
      activeresource (= 2.3.18)
      activesupport (= 2.3.18)
      rake (>= 0.8.3)
    rake (10.1.1)
    rdoc (2.4.2)
      hoe (>= 1.11.0)
      minitest (~> 1.3)
    rmagick (2.16.0)
    rspec (3.5.0)
      rspec-core (~> 3.5.0)
      rspec-expectations (~> 3.5.0)
      rspec-mocks (~> 3.5.0)
    rspec-core (3.5.4)
      rspec-support (~> 3.5.0)
    rspec-expectations (3.5.0)
      diff-lcs (>= 1.2.0, < 2.0)
      rspec-support (~> 3.5.0)
    rspec-mocks (3.5.0)
      diff-lcs (>= 1.2.0, < 2.0)
      rspec-support (~> 3.5.0)
    rspec-support (3.5.0)
    ruby-recaptcha (1.0.3)
    ruby_parser (2.3.1)
      sexp_processor (~> 3.0)
    rubyzip (0.9.9)
    safe_yaml (1.0.4)
    sexp_processor (3.2.0)
    shoulda (2.10.3)
    simple_xlsx_writer (0.5.3)
      fast_xs (>= 0.7.3)
      rubyzip (>= 0.9.4)
    single_test (0.6.0)
      rake
    syck (1.2.0)
    syntax (1.0.0)
    test-unit (3.2.2)
      power_assert
    text (1.3.1)
    thread_safe (0.3.5)
    tzinfo (1.2.2)
      thread_safe (~> 0.1)
    uuidtools (2.0.0)
      launchy (>= 0.3.2)
      rake (>= 0.8.3)
      rspec (>= 1.1.11)
    will_paginate (2.3.12)
    yajl-ruby (1.3.0)

PLATFORMS
  ruby

DEPENDENCIES
  RedCloth (= 3.0.4)
  addressable (= 2.3.8)
  authlogic (= 2.1.11)
  daemons (= 1.2.3)
  differ (= 0.1.2)
  fast_gettext
  gem_plugin (= 0.2.3)
  gettext
  gettext_i18n_rails!
  hpricot (= 0.8.6)
  httmultiparty (= 0.3.8)
  httparty (= 0.7.8)
  i18n
  iconv
  mysql (= 2.9.1)
  open4 (= 1.3.4)
  property!
  public_suffix (= 1.3.3)
  querybuilder!
  rails (= 2.3.18)
  rake (= 10.1.1)
  rdoc (= 2.4.2)
  rmagick (= 2.16.0)
  ruby-recaptcha (= 1.0.3)
  ruby_parser
  rubyless!
  rubyzip (= 0.9.9)
  safe_yaml
  shoulda (= 2.10.3)
  simple_xlsx_writer (= 0.5.3)
  single_test (~> 0.6.0)
  syck
  syntax (= 1.0.0)
  test-unit
  tzinfo (= 1.2.2)
  uuidtools (= 2.0.0)
  versions!
  will_paginate (= 2.3.12)
  yajl-ruby
  yamltest!

BUNDLED WITH
   1.13.6
