GEM
  remote: https://rubygems.org/
  specs:
    RedCloth (3.0.4)
    actionmailer (2.3.18)
      actionpack (= 2.3.18)
    actionpack (2.3.18)
      activesupport (= 2.3.18)
      rack (~> 1.1.0)
    activerecord (2.3.18)
      activesupport (= 2.3.18)
    activeresource (2.3.18)
      activesupport (= 2.3.18)
    activesupport (2.3.18)
    addressable (2.3.8)
    authlogic (2.1.11)
      activerecord (~> 2.3.0)
      activesupport (~> 2.3.0)
    crack (0.1.8)
    daemons (1.2.3)
    diff-lcs (1.2.5)
    differ (0.1.2)
    fast_gettext (0.4.16)
    fast_xs (0.8.0)
    gem_plugin (0.2.3)
    gettext (2.1.0)
      locale (>= 2.0.5)
    hoe (3.15.2)
      rake (>= 0.8, < 12.0)
    hpricot (0.8.6)
    httmultiparty (0.3.8)
      httparty (>= 0.7.3)
      multipart-post
    httparty (0.7.8)
      crack (= 0.1.8)
    json (1.5.1)
    launchy (2.4.3)
      addressable (~> 2.3)
    locale (2.1.2)
    minitest (1.7.2)
    multipart-post (2.0.0)
    mysql (2.9.1)
    open4 (1.3.4)
    property (2.3.4)
      activerecord (~> 2.3)
    public_suffix (1.3.3)
    querybuilder (1.2.3)
      rubyless (>= 0.7.0)
    rack (1.1.6)
    rails (2.3.18)
      actionmailer (= 2.3.18)
      actionpack (= 2.3.18)
      activerecord (= 2.3.18)
      activeresource (= 2.3.18)
      activesupport (= 2.3.18)
      rake (>= 0.8.3)
    rake (10.5.0)
    rdoc (2.4.2)
      hoe (>= 1.11.0)
      minitest (~> 1.3)
    rmagick (2.16.0)
    rspec (3.5.0)
      rspec-core (~> 3.5.0)
      rspec-expectations (~> 3.5.0)
      rspec-mocks (~> 3.5.0)
    rspec-core (3.5.4)
      rspec-support (~> 3.5.0)
    rspec-expectations (3.5.0)
      diff-lcs (>= 1.2.0, < 2.0)
      rspec-support (~> 3.5.0)
    rspec-mocks (3.5.0)
      diff-lcs (>= 1.2.0, < 2.0)
      rspec-support (~> 3.5.0)
    rspec-support (3.5.0)
    ruby-recaptcha (1.0.3)
    ruby_parser (2.3.1)
      sexp_processor (~> 3.0)
    rubyless (0.8.11)
      ruby_parser (~> 2.3.1)
      sexp_processor (>= 3.0.1)
    rubyzip (0.9.9)
    safe_yaml (0.8.0)
    sexp_processor (3.2.0)
    shoulda (2.10.3)
    simple_xlsx_writer (0.5.3)
      fast_xs (>= 0.7.3)
      rubyzip (>= 0.9.4)
    syntax (1.0.0)
    thread_safe (0.3.5)
    tzinfo (1.2.2)
      thread_safe (~> 0.1)
    uuidtools (2.0.0)
      launchy (>= 0.3.2)
      rake (>= 0.8.3)
      rspec (>= 1.1.11)
    versions (0.3.1)
      activerecord
    will_paginate (2.3.12)
    yamltest (0.7.0)

PLATFORMS
  ruby

DEPENDENCIES
  RedCloth (= 3.0.4)
  addressable (= 2.3.8)
  authlogic (= 2.1.11)
  daemons (= 1.2.3)
  differ (= 0.1.2)
  fast_gettext (= 0.4.16)
  gem_plugin (= 0.2.3)
  gettext (= 2.1.0)
  hpricot (= 0.8.6)
  httmultiparty (= 0.3.8)
  httparty (= 0.7.8)
  json (= 1.5.1)
  mysql (= 2.9.1)
  open4 (= 1.3.4)
  property (= 2.3.4)
  public_suffix (= 1.3.3)
  querybuilder (= 1.2.3)
  rails (= 2.3.18)
  rake (= 10.5.0)
  rdoc (= 2.4.2)
  rmagick (= 2.16.0)
  ruby-recaptcha (= 1.0.3)
  rubyless (= 0.8.11)
  rubyzip (= 0.9.9)
  safe_yaml (= 0.8.0)
  shoulda (= 2.10.3)
  simple_xlsx_writer (= 0.5.3)
  syntax (= 1.0.0)
  tzinfo (= 1.2.2)
  uuidtools (= 2.0.0)
  versions (= 0.3.1)
  will_paginate (= 2.3.12)
  yamltest (= 0.7.0)

BUNDLED WITH
   1.13.6
